GEM
  remote: https://rubygems.org/
  specs:
    childprocess (0.5.9)
      ffi (~> 1.0, >= 1.0.11)
    ffi (1.9.14)
    rubyzip (1.2.0)
    selenium-webdriver (2.53.4)
      childprocess (~> 0.5)
      rubyzip (~> 1.0)
      websocket (~> 1.0)
    websocket (1.2.3)

PLATFORMS
  ruby

DEPENDENCIES
  selenium-webdriver (~> 2.53, >= 2.53.4)

BUNDLED WITH
   1.13.1
